GIT
  remote: https://github.com/rociiu/material_icons.git
  revision: 1462541ca1971ee79b9bb188982332ac97c1f4d9
  specs:
    material_icons (1.0.1)
      railties (>= 3.2)

GIT
  remote: https://github.com/spree-contrib/spree_digital.git
  revision: 31f31d6ad592e361816bb1b9dddbed215996da58
  specs:
    spree_digital (4.0.0)
      deface (~> 1.0)
      spree_api (>= 3.1.0, < 5.0)
      spree_backend (>= 3.1.0, < 5.0)
      spree_core (>= 3.1.0, < 5.0)
      spree_extension
      spree_frontend (>= 3.1.0, < 5.0)

GIT
  remote: https://github.com/spree-contrib/spree_mail_settings.git
  revision: be7a9a9fa866054a81270f15e8e5fb289e80a9d7
  specs:
    spree_mail_settings (3.3.0)
      spree_auth_devise (>= 3.1.0, < 4.0)
      spree_backend (>= 3.1.0, < 4.0)

GEM
  remote: https://rubygems.org/
  specs:
    actioncable (5.2.4.3)
      actionpack (= 5.2.4.3)
      nio4r (~> 2.0)
      websocket-driver (>= 0.6.1)
    actionmailer (5.2.4.3)
      actionpack (= 5.2.4.3)
      actionview (= 5.2.4.3)
      activejob (= 5.2.4.3)
      mail (~> 2.5, >= 2.5.4)
      rails-dom-testing (~> 2.0)
    actionpack (5.2.4.3)
      actionview (= 5.2.4.3)
      activesupport (= 5.2.4.3)
      rack (~> 2.0, >= 2.0.8)
      rack-test (>= 0.6.3)
      rails-dom-testing (~> 2.0)
      rails-html-sanitizer (~> 1.0, >= 1.0.2)
    actionview (5.2.4.3)
      activesupport (= 5.2.4.3)
      builder (~> 3.1)
      erubi (~> 1.4)
      rails-dom-testing (~> 2.0)
      rails-html-sanitizer (~> 1.0, >= 1.0.3)
    active_link_to (1.0.3)
      actionpack
    activejob (5.2.4.3)
      activesupport (= 5.2.4.3)
      globalid (>= 0.3.6)
    activemerchant (1.109.0)
      activesupport (>= 4.2)
      builder (>= 2.1.2, < 4.0.0)
      i18n (>= 0.6.9)
      nokogiri (~> 1.4)
    activemodel (5.2.4.3)
      activesupport (= 5.2.4.3)
    activemodel-serializers-xml (1.0.2)
      activemodel (> 5.x)
      activesupport (> 5.x)
      builder (~> 3.1)
    activerecord (5.2.4.3)
      activemodel (= 5.2.4.3)
      activesupport (= 5.2.4.3)
      arel (>= 9.0)
    activeresource (5.1.1)
      activemodel (>= 5.0, < 7)
      activemodel-serializers-xml (~> 1.0)
      activesupport (>= 5.0, < 7)
    activestorage (5.2.4.3)
      actionpack (= 5.2.4.3)
      activerecord (= 5.2.4.3)
      marcel (~> 0.3.1)
    activesupport (5.2.4.3)
      concurrent-ruby (~> 1.0, >= 1.0.2)
      i18n (>= 0.7, < 2)
      minitest (~> 5.1)
      tzinfo (~> 1.1)
    acts-as-taggable-on (6.0.0)
      activerecord (~> 5.0)
    acts_as_list (0.9.19)
      activerecord (>= 3.0)
    addressable (2.7.0)
      public_suffix (>= 2.0.2, < 5.0)
    airbrussh (1.4.0)
      sshkit (>= 1.6.1, != 1.7.0)
    arel (9.0.0)
    autoprefixer-rails (9.8.4)
      execjs
    awesome_nested_set (3.2.1)
      activerecord (>= 4.0.0, < 7.0)
    aws-eventstream (1.1.0)
    aws-partitions (1.338.0)
    aws-sdk (1.67.0)
      aws-sdk-v1 (= 1.67.0)
    aws-sdk-core (3.103.0)
      aws-eventstream (~> 1, >= 1.0.2)
      aws-partitions (~> 1, >= 1.239.0)
      aws-sigv4 (~> 1.1)
      jmespath (~> 1.0)
    aws-sdk-kms (1.36.0)
      aws-sdk-core (~> 3, >= 3.99.0)
      aws-sigv4 (~> 1.1)
    aws-sdk-s3 (1.73.0)
      aws-sdk-core (~> 3, >= 3.102.1)
      aws-sdk-kms (~> 1)
      aws-sigv4 (~> 1.1)
    aws-sdk-v1 (1.67.0)
      json (~> 1.4)
      nokogiri (~> 1)
    aws-sigv4 (1.2.1)
      aws-eventstream (~> 1, >= 1.0.2)
    axlsx_rails (0.6.1)
      actionpack (>= 3.1)
      caxlsx (>= 3.0)
    backbone-on-rails (1.2.0.0)
      eco
      ejs
      jquery-rails
      railties
    bcrypt (3.1.13)
    better_errors (2.7.1)
      coderay (>= 1.0.0)
      erubi (>= 1.0.0)
      rack (>= 0.9.0)
    binding_of_caller (0.8.0)
      debug_inspector (>= 0.0.1)
    bootsnap (1.4.6)
      msgpack (~> 1.0)
    bootstrap-sass (3.4.1)
      autoprefixer-rails (>= 5.2.1)
      sassc (>= 2.0.0)
    bootstrap3-datetimepicker-rails (4.14.30)
      momentjs-rails (>= 2.8.1)
    browser (2.7.1)
    builder (3.2.4)
    byebug (11.1.3)
    camertron-eprun (1.1.1)
    cancancan (2.3.0)
    canonical-rails (0.2.8)
      rails (>= 4.1, < 6.1)
    capistrano (3.14.1)
      airbrussh (>= 1.0.0)
      i18n
      rake (>= 10.0.0)
      sshkit (>= 1.9.0)
    capistrano-bundler (1.6.0)
      capistrano (~> 3.1)
    capistrano-rails (1.5.0)
      capistrano (~> 3.1)
      capistrano-bundler (~> 1.1)
    capistrano-rbenv (2.1.6)
      capistrano (~> 3.1)
      sshkit (~> 1.3)
    capistrano-sidekiq (0.5.3)
      capistrano
      sidekiq
    capistrano3-puma (3.1.1)
      capistrano (~> 3.7)
      capistrano-bundler
      puma (~> 3.4)
    capybara (2.18.0)
      addressable
      mini_mime (>= 0.1.3)
      nokogiri (>= 1.3.3)
      rack (>= 1.0.0)
      rack-test (>= 0.5.4)
      xpath (>= 2.0, < 4.0)
    capybara-select-2 (0.5.1)
    carmen (1.0.2)
      activesupport (>= 3.0.0)
    caxlsx (3.0.1)
      htmlentities (~> 4.3, >= 4.3.4)
      mimemagic (~> 0.3)
      nokogiri (~> 1.10, >= 1.10.4)
      rubyzip (>= 1.3.0, < 3)
    celluloid (0.17.4)
      celluloid-essentials
      celluloid-extras
      celluloid-fsm
      celluloid-pool
      celluloid-supervision
      timers (>= 4.1.1)
    celluloid-essentials (0.20.5)
      timers (>= 4.1.1)
    celluloid-extras (0.20.5)
      timers (>= 4.1.1)
    celluloid-fsm (0.20.5)
      timers (>= 4.1.1)
    celluloid-pool (0.20.5)
      timers (>= 4.1.1)
    celluloid-supervision (0.20.6)
      timers (>= 4.1.1)
    childprocess (3.0.0)
    chronic (0.10.2)
    cldr-plurals-runtime-rb (1.0.1)
    climate_control (0.2.0)
    cloudfront-signer (3.0.2)
    codeclimate-test-reporter (1.0.7)
      simplecov
    coderay (1.1.3)
    coffee-rails (4.2.2)
      coffee-script (>= 2.2.0)
      railties (>= 4.0.0)
    coffee-script (2.4.1)
      coffee-script-source
      execjs
    coffee-script-source (1.12.2)
    concurrent-ruby (1.1.6)
    connection_pool (2.2.3)
    crack (0.4.3)
      safe_yaml (~> 1.0.0)
    crass (1.0.6)
    css_parser (1.7.1)
      addressable
    dalli (2.7.10)
    database_cleaner (1.8.5)
    debug_inspector (0.0.3)
    declarative (0.0.20)
    declarative-builder (0.1.0)
      declarative-option (< 0.2.0)
    declarative-option (0.1.0)
    deface (1.5.3)
      nokogiri (>= 1.6)
      polyglot
      rails (>= 4.1)
      rainbow (>= 2.1.0)
    devise (4.6.2)
      bcrypt (~> 3.0)
      orm_adapter (~> 0.1)
      railties (>= 4.1.0, < 6.0)
      responders
      warden (~> 1.2.3)
    devise-encryptable (0.2.0)
      devise (>= 2.1.0)
    diff-lcs (1.4.4)
    disposable (0.4.7)
      declarative (>= 0.0.9, < 1.0.0)
      declarative-builder (< 0.2.0)
      declarative-option (< 0.2.0)
      representable (>= 2.4.0, <= 3.1.0)
      uber (< 0.2.0)
    docile (1.3.2)
    domain_name (0.5.20190701)
      unf (>= 0.0.5, < 1.0.0)
    doorkeeper (5.4.0)
      railties (>= 5)
    dropbox_api (0.1.18)
      faraday (<= 1.0)
      oauth2 (~> 1.1)
    eco (1.0.0)
      coffee-script
      eco-source
      execjs
    eco-source (1.1.0.rc.1)
    ejs (1.1.1)
    elasticsearch (7.8.0)
      elasticsearch-api (= 7.8.0)
      elasticsearch-transport (= 7.8.0)
    elasticsearch-api (7.8.0)
      multi_json
    elasticsearch-transport (7.8.0)
      faraday (~> 1)
      multi_json
    em-websocket (0.5.1)
      eventmachine (>= 0.12.9)
      http_parser.rb (~> 0.6.0)
    erubi (1.9.0)
    eventmachine (1.2.7)
    exception_notification (4.4.3)
      actionmailer (>= 4.0, < 7)
      activesupport (>= 4.0, < 7)
    excon (0.75.0)
    execjs (2.7.0)
    factory_bot (4.11.1)
      activesupport (>= 3.0.0)
    factory_bot_rails (4.11.1)
      factory_bot (~> 4.11.1)
      railties (>= 3.0.0)
    faraday (1.0.0)
      multipart-post (>= 1.2, < 3)
    faraday_middleware (1.0.0)
      faraday (~> 1.0)
    fast_jsonapi (1.5)
      activesupport (>= 4.2)
    ffaker (2.15.0)
    ffi (1.13.1)
    figaro (1.2.0)
      thor (>= 0.14.0, < 2)
    flipper (0.18.0)
    flipper-redis (0.18.0)
      flipper (~> 0.18.0)
      redis (>= 2.2, < 5)
    flipper-ui (0.18.0)
      erubi (>= 1.0.0, < 2.0.0)
      flipper (~> 0.18.0)
      rack (>= 1.4, < 3)
      rack-protection (>= 1.5.3, < 2.1.0)
    formatador (0.2.5)
    friendly_id (5.2.5)
      activerecord (>= 4.0.0)
    geocoder (1.6.3)
    globalid (0.4.2)
      activesupport (>= 4.2.0)
    guard (2.16.2)
      formatador (>= 0.2.4)
      listen (>= 2.7, < 4.0)
      lumberjack (>= 1.0.12, < 2.0)
      nenv (~> 0.1)
      notiffany (~> 0.0)
      pry (>= 0.9.12)
      shellany (~> 0.0)
      thor (>= 0.18.1)
    guard-compat (1.2.1)
    guard-livereload (2.5.2)
      em-websocket (~> 0.5)
      guard (~> 2.8)
      guard-compat (~> 1.0)
      multi_json (~> 1.8)
    guard-rspec (4.7.3)
      guard (~> 2.1)
      guard-compat (~> 1.1)
      rspec (>= 2.99.0, < 4.0)
    haml (5.1.2)
      temple (>= 0.8.0)
      tilt
    hashdiff (1.0.1)
    hashie (3.6.0)
    highcharts-rails (6.0.3)
      railties (>= 3.1)
    highline (2.0.3)
    hirb (0.7.3)
    htmlentities (4.3.4)
    http-accept (1.7.0)
    http-cookie (1.0.3)
      domain_name (~> 0.5)
    http_parser.rb (0.6.0)
    httparty (0.18.1)
      mime-types (~> 3.0)
      multi_xml (>= 0.5.2)
    hubspot-ruby (0.9.0)
      activesupport (>= 3.0.0)
      httparty (>= 0.10.0)
    i18n (1.8.3)
      concurrent-ruby (~> 1.0)
    jbuilder (2.10.0)
      activesupport (>= 5.0.0)
    jmespath (1.4.0)
    jquery-rails (4.4.0)
      rails-dom-testing (>= 1, < 3)
      railties (>= 4.2.0)
      thor (>= 0.14, < 2.0)
    jquery-ui-rails (6.0.1)
      railties (>= 3.2.16)
    json (1.8.6)
    jwt (2.2.1)
    kaminari (1.0.1)
      activesupport (>= 4.1.0)
      kaminari-actionview (= 1.0.1)
      kaminari-activerecord (= 1.0.1)
      kaminari-core (= 1.0.1)
    kaminari-actionview (1.0.1)
      actionview
      kaminari-core (= 1.0.1)
    kaminari-activerecord (1.0.1)
      activerecord
      kaminari-core (= 1.0.1)
    kaminari-core (1.0.1)
    launchy (2.5.0)
      addressable (~> 2.7)
    letter_opener (1.7.0)
      launchy (~> 2.2)
    listen (3.2.1)
      rb-fsevent (~> 0.10, >= 0.10.3)
      rb-inotify (~> 0.9, >= 0.9.10)
    loofah (2.6.0)
      crass (~> 1.0.2)
      nokogiri (>= 1.5.9)
    lumberjack (1.2.6)
    macaddr (1.7.2)
      systemu (~> 2.6.5)
    mail (2.7.1)
      mini_mime (>= 0.1.1)
    mandrill-api (1.0.53)
      excon (>= 0.16.0, < 1.0)
      json (>= 1.7.7, < 2.0)
    marcel (0.3.3)
      mimemagic (~> 0.3.2)
    mediaelement_rails (0.8.2)
      jquery-rails (>= 1.0)
      railties (>= 3.1)
    meta-tags (2.13.0)
      actionpack (>= 3.2.0, < 6.1)
    method_source (1.0.0)
    mime-types (3.3.1)
      mime-types-data (~> 3.2015)
    mime-types-data (3.2020.0512)
    mimemagic (0.3.5)
    mini_magick (4.9.5)
    mini_mime (1.0.2)
    mini_portile2 (2.4.0)
    minitest (5.14.1)
    momentjs-rails (2.20.1)
      railties (>= 3.1)
    monetize (1.9.4)
      money (~> 6.12)
    money (6.13.7)
      i18n (>= 0.6.4, <= 2)
    msgpack (1.3.3)
    multi_json (1.14.1)
    multi_xml (0.6.0)
    multipart-post (2.1.1)
    mustermann (1.1.1)
      ruby2_keywords (~> 0.0.1)
    mysql2 (0.5.3)
    nenv (0.3.0)
    net-scp (3.0.0)
      net-ssh (>= 2.6.5, < 7.0.0)
    net-sftp (2.1.3.rc2)
      net-ssh (>= 2.6.5, < 5.0.0)
    net-ssh (4.2.0)
    netrc (0.11.0)
    newrelic_rpm (6.11.0.365)
    nio4r (2.5.2)
    nokogiri (1.10.9)
      mini_portile2 (~> 2.4.0)
    nokogumbo (2.0.2)
      nokogiri (~> 1.8, >= 1.8.4)
    notiffany (0.1.3)
      nenv (~> 0.1)
      shellany (~> 0.0)
    oauth2 (1.4.4)
      faraday (>= 0.8, < 2.0)
      jwt (>= 1.0, < 3.0)
      multi_json (~> 1.3)
      multi_xml (~> 0.5)
      rack (>= 1.2, < 3)
    open_uri_redirections (0.2.1)
    orm_adapter (0.5.0)
    os (1.0.1)
    paperclip (6.1.0)
      activemodel (>= 4.2.0)
      activesupport (>= 4.2.0)
      mime-types
      mimemagic (~> 0.3.0)
      terrapin (~> 0.6.0)
    paperclip-compression (1.1.1)
      os (~> 1.0.0)
      paperclip (>= 5.2.1)
    paranoia (2.4.2)
      activerecord (>= 4.0, < 6.1)
    pg (0.18.1)
    phantomjs (1.9.8.0)
    polyglot (0.3.5)
    premailer (1.11.1)
      addressable
      css_parser (>= 1.6.0)
      htmlentities (>= 4.0.0)
    premailer-rails (1.11.1)
      actionmailer (>= 3)
      premailer (~> 1.7, >= 1.7.9)
    pry (0.13.1)
      coderay (~> 1.1)
      method_source (~> 1.0)
    public_suffix (4.0.5)
    puma (3.12.6)
    rabl (0.13.1)
      activesupport (>= 2.3.14)
    rack (2.2.3)
    rack-protection (2.0.8.1)
      rack
    rack-test (1.1.0)
      rack (>= 1.0, < 3)
    rails (5.2.4.3)
      actioncable (= 5.2.4.3)
      actionmailer (= 5.2.4.3)
      actionpack (= 5.2.4.3)
      actionview (= 5.2.4.3)
      activejob (= 5.2.4.3)
      activemodel (= 5.2.4.3)
      activerecord (= 5.2.4.3)
      activestorage (= 5.2.4.3)
      activesupport (= 5.2.4.3)
      bundler (>= 1.3.0)
      railties (= 5.2.4.3)
      sprockets-rails (>= 2.0.0)
    rails-controller-testing (1.0.5)
      actionpack (>= 5.0.1.rc1)
      actionview (>= 5.0.1.rc1)
      activesupport (>= 5.0.1.rc1)
    rails-dom-testing (2.0.3)
      activesupport (>= 4.2.0)
      nokogiri (>= 1.6)
    rails-html-sanitizer (1.3.0)
      loofah (~> 2.3)
    rails-settings-cached (0.5.6)
      rails (>= 4.2.0)
    railties (5.2.4.3)
      actionpack (= 5.2.4.3)
      activesupport (= 5.2.4.3)
      method_source
      rake (>= 0.8.7)
      thor (>= 0.19.0, < 2.0)
    rainbow (3.0.0)
    rake (13.0.1)
    ransack (2.1.1)
      actionpack (>= 5.0)
      activerecord (>= 5.0)
      activesupport (>= 5.0)
      i18n
    rb-fsevent (0.10.4)
    rb-inotify (0.10.1)
      ffi (~> 1.0)
    rdoc (4.3.0)
    redis (4.2.1)
    redis-namespace (1.7.0)
      redis (>= 3.0.4)
    reform (2.3.1)
      disposable (>= 0.4.2, < 0.5.0)
      representable (>= 2.4.0, < 3.1.0)
      uber (< 0.2.0)
    remotipart (1.4.4)
    representable (3.0.4)
      declarative (< 0.1.0)
      declarative-option (< 0.2.0)
      uber (< 0.2.0)
    responders (3.0.1)
      actionpack (>= 5.0)
      railties (>= 5.0)
    rest-client (2.1.0)
      http-accept (>= 1.7.0, < 2.0)
      http-cookie (>= 1.0.2, < 2.0)
      mime-types (>= 1.16, < 4.0)
      netrc (~> 0.8)
    restforce (2.5.4)
      faraday (>= 0.9.0, <= 1.0)
      faraday_middleware (>= 0.8.8, <= 1.0)
      hashie (>= 1.2.0, < 4.0)
      json (>= 1.7.5)
    roo (1.13.2)
      nokogiri
      rubyzip
      spreadsheet (> 0.6.4)
    rspec (3.9.0)
      rspec-core (~> 3.9.0)
      rspec-expectations (~> 3.9.0)
      rspec-mocks (~> 3.9.0)
    rspec-core (3.9.2)
      rspec-support (~> 3.9.3)
    rspec-expectations (3.9.2)
      diff-lcs (>= 1.2.0, < 2.0)
      rspec-support (~> 3.9.0)
    rspec-mocks (3.9.1)
      diff-lcs (>= 1.2.0, < 2.0)
      rspec-support (~> 3.9.0)
    rspec-rails (4.0.1)
      actionpack (>= 4.2)
      activesupport (>= 4.2)
      railties (>= 4.2)
      rspec-core (~> 3.9)
      rspec-expectations (~> 3.9)
      rspec-mocks (~> 3.9)
      rspec-support (~> 3.9)
    rspec-support (3.9.3)
    ruby-ole (1.2.12.2)
    ruby2_keywords (0.0.2)
    rubyzip (2.3.0)
    safe_yaml (1.0.5)
    saml_idp (0.7.2)
      activesupport (>= 3.2)
      builder (~> 3.0)
      nokogiri (>= 1.6.2)
      uuid (~> 2.3)
    sanitize (5.2.1)
      crass (~> 1.0.2)
      nokogiri (>= 1.8.0)
      nokogumbo (~> 2.0)
    sass (3.7.4)
      sass-listen (~> 4.0.0)
    sass-listen (4.0.0)
      rb-fsevent (~> 0.9, >= 0.9.4)
      rb-inotify (~> 0.9, >= 0.9.7)
    sass-rails (5.1.0)
      railties (>= 5.2.0)
      sass (~> 3.1)
      sprockets (>= 2.8, < 4.0)
      sprockets-rails (>= 2.0, < 4.0)
      tilt (>= 1.1, < 3)
    sassc (2.4.0)
      ffi (~> 1.9)
    scss_lint (0.59.0)
      sass (~> 3.5, >= 3.5.5)
    sdoc (0.4.2)
      json (~> 1.7, >= 1.7.7)
      rdoc (~> 4.0)
    searchkick (1.5.1)
      activemodel
      elasticsearch (>= 1)
      hashie
    select2-rails (3.5.9.1)
      thor (~> 0.14)
    selenium-webdriver (3.142.7)
      childprocess (>= 0.5, < 4.0)
      rubyzip (>= 1.2.2)
    shellany (0.0.1)
    shoulda-matchers (4.3.0)
      activesupport (>= 4.2.0)
    sidekiq (3.3.4)
      celluloid (>= 0.16.0)
      connection_pool (>= 2.1.1)
      json
      redis (>= 3.0.6)
      redis-namespace (>= 1.3.1)
    simplecov (0.18.5)
      docile (~> 1.1)
      simplecov-html (~> 0.11)
    simplecov-html (0.12.2)
    sinatra (2.0.8.1)
      mustermann (~> 1.0)
      rack (~> 2.0)
      rack-protection (= 2.0.8.1)
      tilt (~> 2.0)
    sitemap_generator (6.1.2)
      builder (~> 3.0)
    spreadsheet (1.2.6)
      ruby-ole (>= 1.0)
    spree (3.7.10)
      spree_api (= 3.7.10)
      spree_backend (= 3.7.10)
      spree_cmd (= 3.7.10)
      spree_core (= 3.7.10)
      spree_frontend (= 3.7.10)
      spree_sample (= 3.7.10)
    spree_api (3.7.10)
      doorkeeper (~> 5.0)
      fast_jsonapi (~> 1.5)
      rabl (~> 0.13.1)
      spree_core (= 3.7.10)
      versioncake (~> 3.4.0)
    spree_auth_devise (3.5.2)
      devise (>= 4.4, < 4.7)
      devise-encryptable (= 0.2.0)
      spree_core (>= 3.1.0, < 4.0)
      spree_extension
    spree_backend (3.7.10)
      bootstrap-sass (~> 3.4)
      jquery-rails (~> 4.3)
      jquery-ui-rails (~> 6.0.1)
      select2-rails (= 3.5.9.1)
      spree_api (= 3.7.10)
      spree_core (= 3.7.10)
    spree_cmd (3.7.10)
      thor (~> 0.14)
    spree_core (3.7.10)
      activemerchant (~> 1.67)
      acts-as-taggable-on (~> 6.0.0)
      acts_as_list (~> 0.8)
      awesome_nested_set (~> 3.2.0)
      cancancan (~> 2.0)
      carmen (~> 1.0.0)
      deface (~> 1.0)
      ffaker (~> 2.9)
      friendly_id (~> 5.2.1)
      highline (~> 2.0.0)
      kaminari (~> 1.0.1)
      mini_magick (~> 4.9.4)
      monetize (~> 1.9)
      money (~> 6.13)
      paperclip (~> 6.1.0)
      paranoia (~> 2.4.1)
      premailer-rails
      rails (~> 5.2.4, >= 5.2.4)
      ransack (~> 2.1.1)
      responders
      sprockets (~> 3.7)
      sprockets-rails
      state_machines-activerecord (~> 0.5)
      stringex
      twitter_cldr (~> 4.3)
    spree_extension (0.0.9)
      activerecord (>= 4.2)
      spree_core
    spree_frontend (3.7.10)
      bootstrap-sass (~> 3.4)
      canonical-rails (~> 0.2.3)
      jquery-rails (~> 4.3)
      spree_api (= 3.7.10)
      spree_core (= 3.7.10)
    spree_gateway (3.7.5)
      spree_core (>= 3.1.0, < 5.0)
      spree_extension
    spree_sample (3.7.10)
      spree_core (= 3.7.10)
    sprockets (3.7.2)
      concurrent-ruby (~> 1.0)
      rack (> 1, < 3)
    sprockets-rails (3.2.1)
      actionpack (>= 4.0)
      activesupport (>= 4.0)
      sprockets (>= 3.0.0)
    sshkit (1.21.0)
      net-scp (>= 1.1.2)
      net-ssh (>= 2.8.0)
    state_machines (0.5.0)
    state_machines-activemodel (0.7.1)
      activemodel (>= 4.1)
      state_machines (>= 0.5.0)
    state_machines-activerecord (0.6.0)
      activerecord (>= 4.1)
      state_machines-activemodel (>= 0.5.0)
    stringex (2.8.5)
    systemu (2.6.5)
    temple (0.8.2)
    terrapin (0.6.0)
      climate_control (>= 0.0.3, < 1.0)
    thor (0.20.3)
    thread_safe (0.3.6)
    tilt (2.0.10)
    time_will_tell (0.1.0)
      railties (>= 3.2)
    timers (4.3.0)
    trailblazer (2.1.0)
      trailblazer-macro (>= 2.1.0, < 2.2.0)
      trailblazer-macro-contract (>= 2.1.0, < 2.2.0)
      trailblazer-operation
    trailblazer-activity (0.10.1)
      trailblazer-context (>= 0.2.0, < 0.3.0)
    trailblazer-activity-dsl-linear (0.2.9)
      trailblazer-activity (>= 0.9.1, < 1.0.0)
    trailblazer-context (0.2.0)
    trailblazer-developer (0.0.13)
      hirb
      representable
      trailblazer-activity (>= 0.10.0, < 1.0.0)
      trailblazer-activity-dsl-linear
    trailblazer-loader (0.1.2)
    trailblazer-macro (2.1.2)
      trailblazer-activity (>= 0.10.0, < 1.0.0)
      trailblazer-activity-dsl-linear (>= 0.2.7, < 1.0.0)
      trailblazer-operation (>= 0.6.2)
    trailblazer-macro-contract (2.1.0)
      reform (>= 2.2.0, < 3.0.0)
    trailblazer-operation (0.6.2)
      trailblazer-activity (>= 0.10.0, < 1.0.0)
      trailblazer-activity-dsl-linear (>= 0.2.6, < 1.0.0)
      trailblazer-developer (>= 0.0.8)
    trailblazer-rails (2.1.7)
      railties (>= 4.0.0)
      trailblazer (>= 2.1.0.beta1, < 2.2.0)
      trailblazer-loader (>= 0.1.0)
    trumbowyg_rails (2.1.0.3)
      rails (>= 3.1)
      railties (>= 3.1)
      sass (>= 3.2)
    truncate_html (0.9.3)
    turbolinks (5.2.1)
      turbolinks-source (~> 5.2)
    turbolinks-source (5.2.0)
    twitter_cldr (4.4.5)
      camertron-eprun
      cldr-plurals-runtime-rb (~> 1.0)
      tzinfo
    tzinfo (1.2.7)
      thread_safe (~> 0.1)
    uber (0.1.0)
    uglifier (4.2.0)
      execjs (>= 0.3.0, < 3)
    unf (0.1.4)
      unf_ext
    unf_ext (0.0.7.7)
    uuid (2.3.9)
      macaddr (~> 1.0)
    validate_url (1.0.11)
      activemodel (>= 3.0.0)
      public_suffix
    vcr (2.9.3)
    versioncake (3.4.0)
      actionpack (>= 3.2)
      activesupport (>= 3.2)
      railties (>= 3.2)
      tzinfo
    warden (1.2.8)
      rack (>= 2.0.6)
    webmock (3.8.3)
      addressable (>= 2.3.6)
      crack (>= 0.3.2)
      hashdiff (>= 0.4.0, < 2.0.0)
    websocket-driver (0.7.2)
      websocket-extensions (>= 0.1.0)
    websocket-extensions (0.1.5)
    whenever (1.0.0)
      chronic (>= 0.6.3)
    wistia-api (0.2.3)
      activeresource (>= 2.3.8)
    xpath (3.2.0)
      nokogiri (~> 1.8)
    zip-zip (0.3)
      rubyzip (>= 1.0.0)

PLATFORMS
  ruby

DEPENDENCIES
  active_link_to (= 1.0.3)
  acts-as-taggable-on (~> 6.0)
  aws-sdk (< 2.0)
  aws-sdk-s3
  axlsx_rails (~> 0.4)
  backbone-on-rails
  better_errors
  binding_of_caller
  bootsnap (>= 1.1.0)
  bootstrap-sass (~> 3.4)
  bootstrap3-datetimepicker-rails (~> 4.14.30)
  browser (~> 2.2)
  byebug
  capistrano (~> 3.10)
  capistrano-bundler
  capistrano-rails
  capistrano-rbenv (~> 2.0)
  capistrano-sidekiq
  capistrano3-puma
  capybara (~> 2.18.0)
  capybara-select-2
  cloudfront-signer
  codeclimate-test-reporter
  coffee-rails (~> 4.2)
  dalli
  database_cleaner (~> 1.7)
  doorkeeper
  dropbox_api
  exception_notification
  factory_bot_rails (~> 4.11, >= 4.11.1)
  figaro
  flipper
  flipper-redis
  flipper-ui
  geocoder
  guard
  guard-livereload (~> 2.4)
  guard-rspec
  haml
  highcharts-rails
  httparty
  hubspot-ruby
  jbuilder (~> 2.5)
  jquery-rails
  kaminari (>= 1.0.1, < 1.2.0)
  letter_opener
  mandrill-api
  material_icons!
  mediaelement_rails
  meta-tags
  momentjs-rails (>= 2.9.0)
  mysql2
  net-sftp (= 2.1.3.rc2)
  newrelic_rpm
  open_uri_redirections
  paperclip-compression
  pg (= 0.18.1)
  phantomjs (~> 1.9.8)
  pry
  puma (~> 3.11)
  rack (= 2.2.3)
  rails (~> 5.2.0)
  rails-controller-testing
  rails-settings-cached (~> 0.5.5)
  remotipart (~> 1.2)
  rest-client
  restforce (~> 2.3)
  roo (= 1.13.2)
  rspec-rails (~> 4.0.0)
  saml_idp (~> 0.7.2)
  sanitize
  sass-rails (~> 5.0, >= 5.0.4)
  scss_lint
  sdoc (~> 0.4.0)
  searchkick (~> 1.1, >= 1.1.2)
  select2-rails (~> 3.5.0)
  selenium-webdriver
  shoulda-matchers
  sidekiq (= 3.3.4)
  simplecov
  sinatra
  sitemap_generator
  spree (~> 3.7.0)
  spree_auth_devise (~> 3.5)
  spree_digital!
  spree_gateway (~> 3.4)
  spree_mail_settings!
  time_will_tell
  trailblazer-rails
  trumbowyg_rails
  truncate_html
  turbolinks (~> 5)
  uglifier (>= 1.3.0)
  validate_url
  vcr (~> 2.9.3)
  webmock
  whenever
  wistia-api
  zip-zip

RUBY VERSION
   ruby 2.6.3p62

BUNDLED WITH
   1.17.2
